GEM
  remote: https://rubygems.org/
  specs:
    minitest (5.14.2)

PLATFORMS
  ruby

DEPENDENCIES
  minitest (~> 5.14)

BUNDLED WITH
   2.0.2
